GIT
  remote: git://github.com/openwisp/packet-legacy
  revision: e62fa6f3534e9111b4d878f25c68c7cc32617239
  specs:
    packet (0.1.15)

GEM
  remote: http://rubygems.org/
  specs:
    abstract (1.0.0)
    acl9 (0.12.0)
    actionmailer (3.0.9)
      actionpack (= 3.0.9)
      mail (~> 2.2.19)
    actionpack (3.0.9)
      activemodel (= 3.0.9)
      activesupport (= 3.0.9)
      builder (~> 2.1.2)
      erubis (~> 2.6.6)
      i18n (~> 0.5.0)
      rack (~> 1.2.1)
      rack-mount (~> 0.6.14)
      rack-test (~> 0.5.7)
      tzinfo (~> 0.3.23)
    activemodel (3.0.9)
      activesupport (= 3.0.9)
      builder (~> 2.1.2)
      i18n (~> 0.5.0)
    activerecord (3.0.9)
      activemodel (= 3.0.9)
      activesupport (= 3.0.9)
      arel (~> 2.0.10)
      tzinfo (~> 0.3.23)
    activeresource (3.0.9)
      activemodel (= 3.0.9)
      activesupport (= 3.0.9)
    activesupport (3.0.9)
    app-config (0.1.2)
      activerecord (~> 3.0)
    arel (2.0.10)
    backgroundrb-rails3 (1.1.6)
      chronic (>= 0.2.3)
      packet (>= 0.1.15)
      rails (>= 3.0.0)
    bcrypt-ruby (2.1.4)
    breadcrumbs_on_rails (2.0.0)
    builder (2.1.2)
    cap-recipes (0.3.39)
    capistrano (2.9.0)
      highline
      net-scp (>= 1.0.0)
      net-sftp (>= 2.0.0)
      net-ssh (>= 2.0.14)
      net-ssh-gateway (>= 1.1.0)
    capistrano-ext (1.2.1)
      capistrano (>= 1.0.0)
    capistrano_colors (0.5.5)
    chronic (0.9.0)
    devise (1.3.4)
      bcrypt-ruby (~> 2.1.2)
      orm_adapter (~> 0.0.3)
      warden (~> 1.0.3)
    dynamic_form (1.1.4)
    erubis (2.6.6)
      abstract (>= 1.0.0)
    exception_notification (3.0.1)
      actionmailer (>= 3.0.4)
    faraday (0.9.1)
      multipart-post (>= 1.2, < 3)
    ffi (1.3.1)
    geokit (1.5.0)
    geokit-rails3 (0.1.5)
      geokit (~> 1.5)
      rails (~> 3.0)
    highline (1.6.15)
    i18n (0.5.0)
    jquery-rails (1.0.19)
      railties (~> 3.0)
      thor (~> 0.14)
    json (1.8.1)
    kaminari (0.12.4)
      rails (>= 3.0.0)
    mail (2.2.20)
      activesupport (>= 2.3.6)
      i18n (>= 0.4.0)
      mime-types (~> 1.16)
      treetop (~> 1.4.8)
    mime-types (1.25)
    multipart-post (2.0.0)
    mysql (2.8.1)
    net-ldap (0.2.2)
    net-ping (1.5.3)
      ffi (>= 1.0.0)
      net-ldap (~> 0.2.2)
    net-scp (1.0.4)
      net-ssh (>= 1.99.1)
    net-sftp (2.0.5)
      net-ssh (>= 2.0.9)
    net-ssh (2.6.3)
    net-ssh-gateway (1.1.0)
      net-ssh (>= 1.99.1)
    nokogiri (1.4.7)
    orm_adapter (0.0.7)
    polyglot (0.3.3)
    pony (1.11)
      mail (>= 2.0)
    rack (1.2.7)
    rack-mini-profiler (0.1.9)
      rack (>= 1.1.3)
    rack-mount (0.6.14)
      rack (>= 1.0.0)
    rack-test (0.5.7)
      rack (>= 1.0)
    rails (3.0.9)
      actionmailer (= 3.0.9)
      actionpack (= 3.0.9)
      activerecord (= 3.0.9)
      activeresource (= 3.0.9)
      activesupport (= 3.0.9)
      bundler (~> 1.0)
      railties (= 3.0.9)
    railties (3.0.9)
      actionpack (= 3.0.9)
      activesupport (= 3.0.9)
      rake (>= 0.8.7)
      rdoc (~> 3.4)
      thor (~> 0.14.4)
    rake (13.0.1)
    rdoc (3.12.2)
      json (~> 1.4)
    ruby-ole (1.2.11.6)
    sentry-raven (0.13.3)
      faraday (>= 0.7.6)
    spreadsheet (0.7.6)
      ruby-ole (>= 1.0)
    system_timer (1.2.4)
    thor (0.14.6)
    treetop (1.4.15)
      polyglot
      polyglot (>= 0.3.1)
    tzinfo (0.3.38)
    warden (1.0.6)
      rack (>= 1.0)

PLATFORMS
  ruby

DEPENDENCIES
  acl9 (~> 0.12.0)
  app-config (~> 0.1.2)
  backgroundrb-rails3 (~> 1.1.5)
  breadcrumbs_on_rails (~> 2.0.0)
  cap-recipes (~> 0.3.36)
  capistrano (~> 2.9.0)
  capistrano-ext (~> 1.2.1)
  capistrano_colors (~> 0.5.4)
  devise (~> 1.3.4)
  dynamic_form (~> 1.1.4)
  exception_notification (~> 3.0.1)
  geokit (~> 1.5.0)
  geokit-rails3 (~> 0.1.2)
  jquery-rails (~> 1.0.11)
  kaminari (~> 0.12.4)
  mysql (= 2.8.1)
  net-ping (~> 1.5.0)
  nokogiri (~> 1.4.6)
  packet (= 0.1.15)!
  pony
  rack-mini-profiler
  rails (= 3.0.9)
  ruby-ole (~> 1.2.11.4)
  sentry-raven
  spreadsheet (~> 0.7.3)
  system_timer
  warden (~> 1.0.4)
